GIT
  remote: git://github.com/heroku/rails3_serve_static_assets.git
  revision: 84910ceb4ca2851d650e66d3b22f5008acf253f8
  specs:
    rails3_serve_static_assets (0.0.1)

GIT
  remote: git://github.com/rspec/rspec-core.git
  revision: 98429a80a7187de797a9dcdc0ec84d38d0815af4
  specs:
    rspec-core (3.6.0.beta2)
      rspec-support (= 3.6.0.beta2)

GIT
  remote: git://github.com/rspec/rspec-expectations.git
  revision: 6d86a38f23e103c8839c0d5d7a06dc4b3b043d26
  specs:
    rspec-expectations (3.6.0.beta2)
      diff-lcs (>= 1.2.0, < 2.0)
      rspec-support (= 3.6.0.beta2)

GIT
  remote: git://github.com/rspec/rspec-mocks.git
  revision: 67ba5477847c9dc02709b4b54b209e2670357430
  specs:
    rspec-mocks (3.6.0.beta2)
      diff-lcs (>= 1.2.0, < 2.0)
      rspec-support (= 3.6.0.beta2)

GIT
  remote: git://github.com/rspec/rspec-rails.git
  revision: a0997675c004e5155c499205087833c85809cd18
  specs:
    rspec-rails (3.6.0.beta2)
      actionpack (>= 3.0)
      activesupport (>= 3.0)
      railties (>= 3.0)
      rspec-core (= 3.6.0.beta2)
      rspec-expectations (= 3.6.0.beta2)
      rspec-mocks (= 3.6.0.beta2)
      rspec-support (= 3.6.0.beta2)

GIT
  remote: git://github.com/rspec/rspec-support.git
  revision: 436adb4b6d9b256fe8bb721a8d44080bd0701df9
  specs:
    rspec-support (3.6.0.beta2)

GIT
  remote: git://github.com/rspec/rspec.git
  revision: bb618dac1400efa55ea76f8fd2875fc58741936b
  specs:
    rspec (3.6.0.beta2)
      rspec-core (= 3.6.0.beta2)
      rspec-expectations (= 3.6.0.beta2)
      rspec-mocks (= 3.6.0.beta2)

PATH
  remote: lib/vimgolf
  specs:
    vimgolf (0.4.8)
      highline
      json_pure
      thor (>= 0.14.6)

GEM
  remote: http://rubygems.org/
  specs:
    abstract (1.0.0)
    actionmailer (3.0.19)
      actionpack (= 3.0.19)
      mail (~> 2.2.19)
    actionpack (3.0.19)
      activemodel (= 3.0.19)
      activesupport (= 3.0.19)
      builder (~> 2.1.2)
      erubis (~> 2.6.6)
      i18n (~> 0.5.0)
      rack (~> 1.2.5)
      rack-mount (~> 0.6.14)
      rack-test (~> 0.5.7)
      tzinfo (~> 0.3.23)
    activemodel (3.0.19)
      activesupport (= 3.0.19)
      builder (~> 2.1.2)
      i18n (~> 0.5.0)
    activerecord (3.0.19)
      activemodel (= 3.0.19)
      activesupport (= 3.0.19)
      arel (~> 2.0.10)
      tzinfo (~> 0.3.23)
    activeresource (3.0.19)
      activemodel (= 3.0.19)
      activesupport (= 3.0.19)
    activesupport (3.0.19)
    arel (2.0.10)
    bson (1.1.5)
    bson_ext (1.1.5)
    builder (2.1.2)
    codeclimate-test-reporter (1.0.4)
      simplecov
    dalli (2.7.6)
    database_cleaner (1.5.1)
    diff-lcs (1.2.5)
    docile (1.1.5)
    erubis (2.6.6)
      abstract (>= 1.0.0)
    factory_girl (4.8.0)
      activesupport (>= 3.0.0)
    faker (1.7.2)
      i18n (~> 0.5)
    hashie (3.4.6)
    highline (1.7.8)
    i18n (0.5.4)
    json (1.8.2)
    json_pure (2.0.2)
    kgio (2.11.0)
    mail (2.2.20)
      activesupport (>= 2.3.6)
      i18n (>= 0.4.0)
      mime-types (~> 1.16)
      treetop (~> 1.4.8)
    memcachier (0.0.2)
    mime-types (1.25.1)
    mongo (1.1.5)
      bson (>= 1.1.5)
    mongoid (2.0.0.beta.20)
      activemodel (~> 3.0)
      mongo (~> 1.1)
      tzinfo (~> 0.3.22)
      will_paginate (~> 3.0.pre)
    newrelic_rpm (3.17.2.327)
    oauth (0.5.1)
    omniauth (1.3.1)
      hashie (>= 1.2, < 4)
      rack (>= 1.0, < 3)
    omniauth-oauth (1.1.0)
      oauth
      omniauth (~> 1.0)
    omniauth-twitter (1.2.1)
      json (~> 1.3)
      omniauth-oauth (~> 1.1)
    polyglot (0.3.5)
    power_assert (0.4.1)
    rack (1.2.8)
    rack-mount (0.6.14)
      rack (>= 1.0.0)
    rack-test (0.5.7)
      rack (>= 1.0)
    rack-timeout (0.4.2)
    rails (3.0.19)
      actionmailer (= 3.0.19)
      actionpack (= 3.0.19)
      activerecord (= 3.0.19)
      activeresource (= 3.0.19)
      activesupport (= 3.0.19)
      bundler (~> 1.0)
      railties (= 3.0.19)
    railties (3.0.19)
      actionpack (= 3.0.19)
      activesupport (= 3.0.19)
      rake (>= 0.8.7)
      rdoc (~> 3.4)
      thor (~> 0.14.4)
    raindrops (0.17.0)
    rake (12.0.0)
    rdoc (3.12.2)
      json (~> 1.4)
    shoulda-matchers (2.8.0)
      activesupport (>= 3.0.0)
    simplecov (0.12.0)
      docile (~> 1.1.0)
      json (>= 1.8, < 3)
      simplecov-html (~> 0.10.0)
    simplecov-html (0.10.0)
    test-unit (3.2.3)
      power_assert
    thor (0.14.6)
    treetop (1.4.15)
      polyglot
      polyglot (>= 0.3.1)
    tweet-button (0.1.0)
    tzinfo (0.3.52)
    unicorn (5.2.0)
      kgio (~> 2.6)
      raindrops (~> 0.7)
    will_paginate (3.1.5)

PLATFORMS
  ruby

DEPENDENCIES
  bson (= 1.1.5)
  bson_ext (= 1.1.5)
  codeclimate-test-reporter (~> 1.0.0)
  dalli
  database_cleaner (= 1.5.1)
  factory_girl (~> 4.0)
  faker
  json (= 1.8.2)
  memcachier
  mongo (= 1.1.5)
  mongoid (= 2.0.0.beta.20)
  newrelic_rpm
  omniauth
  omniauth-twitter
  rack-timeout
  rails (= 3.0.19)
  rails3_serve_static_assets!
  rspec!
  rspec-core!
  rspec-expectations!
  rspec-mocks!
  rspec-rails!
  rspec-support!
  shoulda-matchers
  simplecov
  test-unit
  tweet-button
  unicorn
  vimgolf!

RUBY VERSION
   ruby 2.1.5p273

BUNDLED WITH
   1.13.7
