PATH
  remote: .
  specs:
    vimgolf (0.4.5)
      highline
      iconv
      json_pure
      thor (>= 0.14.6)

GEM
  remote: http://rubygems.org/
  specs:
    diff-lcs (1.1.3)
    highline (1.6.20)
    iconv (1.0.4)
    json_pure (1.8.1)
    rake (0.9.2.2)
    rspec (2.9.0)
      rspec-core (~> 2.9.0)
      rspec-expectations (~> 2.9.0)
      rspec-mocks (~> 2.9.0)
    rspec-core (2.9.0)
    rspec-expectations (2.9.0)
      diff-lcs (~> 1.1.3)
    rspec-mocks (2.9.0)
    thor (0.18.1)

PLATFORMS
  ruby

DEPENDENCIES
  rake
  rspec
  vimgolf!
