PATH
  remote: lib/vimgolf
  specs:
    vimgolf (0.5.0)
      highline (~> 2.0, >= 2.0.3)
      json_pure (~> 2.3, >= 2.3.1)
      thor (~> 1.0, >= 1.0.1)

GEM
  remote: https://rubygems.org/
  specs:
    actioncable (5.2.6)
      actionpack (= 5.2.6)
      nio4r (~> 2.0)
      websocket-driver (>= 0.6.1)
    actionmailer (5.2.6)
      actionpack (= 5.2.6)
      actionview (= 5.2.6)
      activejob (= 5.2.6)
      mail (~> 2.5, >= 2.5.4)
      rails-dom-testing (~> 2.0)
    actionpack (5.2.6)
      actionview (= 5.2.6)
      activesupport (= 5.2.6)
      rack (~> 2.0, >= 2.0.8)
      rack-test (>= 0.6.3)
      rails-dom-testing (~> 2.0)
      rails-html-sanitizer (~> 1.0, >= 1.0.2)
    actionview (5.2.6)
      activesupport (= 5.2.6)
      builder (~> 3.1)
      erubi (~> 1.4)
      rails-dom-testing (~> 2.0)
      rails-html-sanitizer (~> 1.0, >= 1.0.3)
    activejob (5.2.6)
      activesupport (= 5.2.6)
      globalid (>= 0.3.6)
    activemodel (5.2.6)
      activesupport (= 5.2.6)
    activerecord (5.2.6)
      activemodel (= 5.2.6)
      activesupport (= 5.2.6)
      arel (>= 9.0)
    activestorage (5.2.6)
      actionpack (= 5.2.6)
      activerecord (= 5.2.6)
      marcel (~> 1.0.0)
    activesupport (5.2.6)
      concurrent-ruby (~> 1.0, >= 1.0.2)
      i18n (>= 0.7, < 2)
      minitest (~> 5.1)
      tzinfo (~> 1.1)
    addressable (2.8.0)
      public_suffix (>= 2.0.2, < 5.0)
    arel (9.0.0)
    ast (2.4.2)
    binding_of_caller (1.0.0)
      debug_inspector (>= 0.0.1)
    bootsnap (1.7.5)
      msgpack (~> 1.0)
    builder (3.2.4)
    byebug (11.1.3)
    capybara (3.35.3)
      addressable
      mini_mime (>= 0.1.3)
      nokogiri (~> 1.8)
      rack (>= 1.6.0)
      rack-test (>= 0.6.3)
      regexp_parser (>= 1.5, < 3.0)
      xpath (~> 3.2)
    chunky_png (1.4.0)
    climate_control (1.0.0)
    cliver (0.3.2)
    codeclimate-test-reporter (1.0.9)
      simplecov (<= 0.13)
    coderay (1.1.3)
    concurrent-ruby (1.1.8)
    crack (0.4.5)
      rexml
    crass (1.0.6)
    cuprite (0.13)
      capybara (>= 2.1, < 4)
      ferrum (~> 0.11.0)
    dalli (2.7.11)
    debug_inspector (1.1.0)
    diff-lcs (1.4.4)
    docile (1.1.5)
    erubi (1.10.0)
    execjs (2.8.1)
    factory_bot (4.11.1)
      activesupport (>= 3.0.0)
    faker (2.18.0)
      i18n (>= 1.6, < 2)
    ferrum (0.11)
      addressable (~> 2.5)
      cliver (~> 0.3)
      concurrent-ruby (~> 1.1)
      websocket-driver (>= 0.6, < 0.8)
    ffi (1.15.0)
    globalid (0.4.2)
      activesupport (>= 4.2.0)
    hashdiff (1.0.1)
    hashie (4.1.0)
    highline (2.0.3)
    i18n (1.8.10)
      concurrent-ruby (~> 1.0)
    json (2.5.1)
    json_pure (2.5.1)
    kaminari (1.2.1)
      activesupport (>= 4.1.0)
      kaminari-actionview (= 1.2.1)
      kaminari-activerecord (= 1.2.1)
      kaminari-core (= 1.2.1)
    kaminari-actionview (1.2.1)
      actionview
      kaminari-core (= 1.2.1)
    kaminari-activerecord (1.2.1)
      activerecord
      kaminari-core (= 1.2.1)
    kaminari-core (1.2.1)
    kgio (2.11.3)
    launchy (2.5.0)
      addressable (~> 2.7)
    libv8-node (15.14.0.1)
    listen (3.5.1)
      rb-fsevent (~> 0.10, >= 0.10.3)
      rb-inotify (~> 0.9, >= 0.9.10)
    loofah (2.18.0)
      crass (~> 1.0.2)
      nokogiri (>= 1.5.9)
    mail (2.7.1)
      mini_mime (>= 0.1.1)
    marcel (1.0.1)
    memcachier (0.0.2)
    method_source (1.0.0)
    mini_mime (1.1.0)
    mini_portile2 (2.8.0)
    mini_racer (0.4.0)
      libv8-node (~> 15.14.0.0)
    minitest (5.14.4)
    msgpack (1.4.2)
    newrelic_rpm (7.0.0)
    nio4r (2.5.7)
    nokogiri (1.13.6)
      mini_portile2 (~> 2.8.0)
      racc (~> 1.4)
    oauth (0.5.6)
    omniauth (2.0.4)
      hashie (>= 3.4.6)
      rack (>= 1.6.2, < 3)
      rack-protection
    omniauth-oauth (1.2.0)
      oauth
      omniauth (>= 1.0, < 3)
    omniauth-rails_csrf_protection (1.0.0)
      actionpack (>= 4.2)
      omniauth (~> 2.0)
    omniauth-twitter (1.4.0)
      omniauth-oauth (~> 1.1)
      rack
    parallel (1.20.1)
    parser (3.0.1.1)
      ast (~> 2.4.1)
    pg (1.2.3)
    pry (0.13.1)
      coderay (~> 1.1)
      method_source (~> 1.0)
    pry-byebug (3.9.0)
      byebug (~> 11.0)
      pry (~> 0.13.0)
    pry-stack_explorer (0.6.1)
      binding_of_caller (~> 1.0)
      pry (~> 0.13)
    public_suffix (4.0.6)
    racc (1.6.0)
    rack (2.2.6.3)
    rack-protection (2.1.0)
      rack
    rack-test (1.1.0)
      rack (>= 1.0, < 3)
    rack-timeout (0.6.0)
    rails (5.2.6)
      actioncable (= 5.2.6)
      actionmailer (= 5.2.6)
      actionpack (= 5.2.6)
      actionview (= 5.2.6)
      activejob (= 5.2.6)
      activemodel (= 5.2.6)
      activerecord (= 5.2.6)
      activestorage (= 5.2.6)
      activesupport (= 5.2.6)
      bundler (>= 1.3.0)
      railties (= 5.2.6)
      sprockets-rails (>= 2.0.0)
    rails-controller-testing (1.0.5)
      actionpack (>= 5.0.1.rc1)
      actionview (>= 5.0.1.rc1)
      activesupport (>= 5.0.1.rc1)
    rails-dom-testing (2.0.3)
      activesupport (>= 4.2.0)
      nokogiri (>= 1.6)
    rails-html-sanitizer (1.4.3)
      loofah (~> 2.3)
    railties (5.2.6)
      actionpack (= 5.2.6)
      activesupport (= 5.2.6)
      method_source
      rake (>= 0.8.7)
      thor (>= 0.19.0, < 2.0)
    rainbow (3.0.0)
    raindrops (0.19.1)
    rake (13.0.3)
    rb-fsevent (0.11.0)
    rb-inotify (0.10.1)
      ffi (~> 1.0)
    regexp_parser (2.1.1)
    rexml (3.2.5)
    rspec-core (3.10.1)
      rspec-support (~> 3.10.0)
    rspec-expectations (3.10.1)
      diff-lcs (>= 1.2.0, < 2.0)
      rspec-support (~> 3.10.0)
    rspec-mocks (3.10.2)
      diff-lcs (>= 1.2.0, < 2.0)
      rspec-support (~> 3.10.0)
    rspec-rails (4.1.2)
      actionpack (>= 4.2)
      activesupport (>= 4.2)
      railties (>= 4.2)
      rspec-core (~> 3.10)
      rspec-expectations (~> 3.10)
      rspec-mocks (~> 3.10)
      rspec-support (~> 3.10)
    rspec-support (3.10.2)
    rubocop (1.9.1)
      parallel (~> 1.10)
      parser (>= 3.0.0.0)
      rainbow (>= 2.2.2, < 4.0)
      regexp_parser (>= 1.8, < 3.0)
      rexml
      rubocop-ast (>= 1.2.0, < 2.0)
      ruby-progressbar (~> 1.7)
      unicode-display_width (>= 1.4.0, < 3.0)
    rubocop-ast (1.5.0)
      parser (>= 3.0.1.1)
    rubocop-rails (2.10.1)
      activesupport (>= 4.2.0)
      rack (>= 1.1)
      rubocop (>= 1.7.0, < 2.0)
    rubocop-rspec (2.3.0)
      rubocop (~> 1.0)
      rubocop-ast (>= 1.1.0)
    ruby-progressbar (1.11.0)
    ruby_identicon (0.0.6)
      chunky_png (~> 1.4.0)
    sass (3.7.4)
      sass-listen (~> 4.0.0)
    sass-listen (4.0.0)
      rb-fsevent (~> 0.9, >= 0.9.4)
      rb-inotify (~> 0.9, >= 0.9.7)
    sass-rails (5.1.0)
      railties (>= 5.2.0)
      sass (~> 3.1)
      sprockets (>= 2.8, < 4.0)
      sprockets-rails (>= 2.0, < 4.0)
      tilt (>= 1.1, < 3)
    shoulda-matchers (4.5.1)
      activesupport (>= 4.2.0)
    simplecov (0.13.0)
      docile (~> 1.1.0)
      json (>= 1.8, < 3)
      simplecov-html (~> 0.10.0)
    simplecov-cobertura (1.4.2)
      simplecov (~> 0.8)
    simplecov-html (0.10.2)
    sprockets (3.7.2)
      concurrent-ruby (~> 1.0)
      rack (> 1, < 3)
    sprockets-rails (2.3.3)
      actionpack (>= 3.0)
      activesupport (>= 3.0)
      sprockets (>= 2.8, < 4.0)
    sqlite3 (1.3.13)
    thor (1.1.0)
    thread_safe (0.3.6)
    tilt (2.0.10)
    tweet-button (0.1.0)
    tzinfo (1.2.10)
      thread_safe (~> 0.1)
    uglifier (4.2.0)
      execjs (>= 0.3.0, < 3)
    unicode-display_width (2.0.0)
    unicorn (6.0.0)
      kgio (~> 2.6)
      raindrops (~> 0.7)
    webmock (3.13.0)
      addressable (>= 2.3.6)
      crack (>= 0.3.2)
      hashdiff (>= 0.4.0, < 2.0.0)
    websocket-driver (0.7.3)
      websocket-extensions (>= 0.1.0)
    websocket-extensions (0.1.5)
    xpath (3.2.0)
      nokogiri (~> 1.8)

PLATFORMS
  ruby

DEPENDENCIES
  bootsnap (>= 1.4.2)
  capybara
  climate_control
  codeclimate-test-reporter (~> 1.0.0)
  cuprite
  dalli
  diff-lcs
  execjs
  factory_bot (~> 4.0)
  faker
  json
  kaminari
  launchy
  listen (~> 3.2)
  memcachier
  mini_racer
  newrelic_rpm
  omniauth (~> 2.0)
  omniauth-rails_csrf_protection (~> 1.0)
  omniauth-twitter
  pg
  pry-byebug
  pry-stack_explorer
  rack-timeout
  rails (~> 5.2.0)
  rails-controller-testing
  rspec-rails (~> 4.0)
  rubocop (~> 1.9.1)
  rubocop-rails
  rubocop-rspec
  ruby_identicon
  sass-rails (~> 5.0)
  shoulda-matchers
  simplecov
  simplecov-cobertura
  sprockets-rails (~> 2.0)
  sqlite3 (~> 1.3.6)
  tweet-button
  uglifier (>= 1.0.3)
  unicorn
  vimgolf!
  webmock

RUBY VERSION
   ruby 2.7.6p219

BUNDLED WITH
   2.1.4
